PATH
  remote: .
  specs:
    has_secure_attribute (1.2.0)
      activerecord (~> 4.2)
      bcrypt (~> 3.1)

GEM
  remote: https://rubygems.org/
  specs:
    activemodel (4.2.10)
      activesupport (= 4.2.10)
      builder (~> 3.1)
    activerecord (4.2.10)
      activemodel (= 4.2.10)
      activesupport (= 4.2.10)
      arel (~> 6.0)
    activesupport (4.2.10)
      i18n (~> 0.7)
      minitest (~> 5.1)
      thread_safe (~> 0.3, >= 0.3.4)
      tzinfo (~> 1.1)
    arel (6.0.4)
    bcrypt (3.1.11)
    builder (3.2.3)
    concurrent-ruby (1.0.5)
    database_cleaner (1.6.2)
    diff-lcs (1.3)
    factory_bot (4.8.2)
      activesupport (>= 3.0.0)
    i18n (0.9.1)
      concurrent-ruby (~> 1.0)
    minitest (5.11.1)
    rake (12.3.0)
    rspec (3.7.0)
      rspec-core (~> 3.7.0)
      rspec-expectations (~> 3.7.0)
      rspec-mocks (~> 3.7.0)
    rspec-core (3.7.1)
      rspec-support (~> 3.7.0)
    rspec-expectations (3.7.0)
      diff-lcs (>= 1.2.0, < 2.0)
      rspec-support (~> 3.7.0)
    rspec-mocks (3.7.0)
      diff-lcs (>= 1.2.0, < 2.0)
      rspec-support (~> 3.7.0)
    rspec-support (3.7.0)
    sqlite3 (1.3.13)
    thread_safe (0.3.6)
    tzinfo (1.2.4)
      thread_safe (~> 0.1)

PLATFORMS
  ruby

DEPENDENCIES
  database_cleaner (~> 1.6, >= 1.6.0)
  factory_bot (~> 4.8, >= 4.8.0)
  has_secure_attribute!
  rake (~> 12.0)
  rspec (~> 3.0)
  sqlite3

BUNDLED WITH
   1.16.0
